PATH
  remote: .
  specs:
    sparkle_appcast (0.1.2)
      kramdown
      mustache
      plist
      thor

GEM
  remote: https://rubygems.org/
  specs:
    kramdown (1.17.0)
    mustache (1.1.0)
    plist (3.4.0)
    rake (12.3.2)
    thor (0.20.3)

PLATFORMS
  ruby

DEPENDENCIES
  bundler
  rake
  sparkle_appcast!

BUNDLED WITH
   1.17.1
